PATH
  remote: ../..
  specs:
    zigrb (0.1.0)

PATH
  remote: .
  specs:
    hello (0.1.0)

GEM
  remote: https://rubygems.org/
  specs:
    coderay (1.1.3)
    memory_profiler (1.0.0)
    method_source (1.0.0)
    pry (0.14.0)
      coderay (~> 1.1)
      method_source (~> 1.0)
    rake (13.0.3)
    rake-compiler (1.1.1)
      rake

PLATFORMS
  ruby
  x86_64-darwin-19

DEPENDENCIES
  hello!
  memory_profiler
  pry
  rake (~> 13.0)
  rake-compiler
  zigrb!

BUNDLED WITH
   2.2.13
